GEM
  remote: https://rubygems.org/
  specs:
    appraisal (1.0.0)
      bundler
      rake
      thor (>= 0.14.0)
    diff-lcs (1.2.5)
    rake (10.2.2)
    rspec (2.14.1)
      rspec-core (~> 2.14.0)
      rspec-expectations (~> 2.14.0)
      rspec-mocks (~> 2.14.0)
    rspec-core (2.14.8)
    rspec-expectations (2.14.5)
      diff-lcs (>= 1.1.3, < 2.0)
    rspec-mocks (2.14.6)
    sqlite3 (1.3.9)
    thor (0.19.1)

PLATFORMS
  ruby

DEPENDENCIES
  appraisal
  rake
  rspec
  sqlite3
